PATH
  remote: .
  specs:
    hexlet_code (0.1.0)

GEM
  remote: https://rubygems.org/
  specs:
    rake (13.0.6)

PLATFORMS
  ruby
  x86_64-linux-gnu

DEPENDENCIES
  hexlet_code!
  rake (~> 13.0)

BUNDLED WITH
   2.6.3
